GEM
  remote: https://rubygems.org/
  specs:
    actioncable (6.0.4.8)
      actionpack (= 6.0.4.8)
      nio4r (~> 2.0)
      websocket-driver (>= 0.6.1)
    actionmailbox (6.0.4.8)
      actionpack (= 6.0.4.8)
      activejob (= 6.0.4.8)
      activerecord (= 6.0.4.8)
      activestorage (= 6.0.4.8)
      activesupport (= 6.0.4.8)
      mail (>= 2.7.1)
    actionmailer (6.0.4.8)
      actionpack (= 6.0.4.8)
      actionview (= 6.0.4.8)
      activejob (= 6.0.4.8)
      mail (~> 2.5, >= 2.5.4)
      rails-dom-testing (~> 2.0)
    actionpack (6.0.4.8)
      actionview (= 6.0.4.8)
      activesupport (= 6.0.4.8)
      rack (~> 2.0, >= 2.0.8)
      rack-test (>= 0.6.3)
      rails-dom-testing (~> 2.0)
      rails-html-sanitizer (~> 1.0, >= 1.2.0)
    actiontext (6.0.4.8)
      actionpack (= 6.0.4.8)
      activerecord (= 6.0.4.8)
      activestorage (= 6.0.4.8)
      activesupport (= 6.0.4.8)
      nokogiri (>= 1.8.5)
    actionview (6.0.4.8)
      activesupport (= 6.0.4.8)
      builder (~> 3.1)
      erubi (~> 1.4)
      rails-dom-testing (~> 2.0)
      rails-html-sanitizer (~> 1.1, >= 1.2.0)
    activejob (6.0.4.8)
      activesupport (= 6.0.4.8)
      globalid (>= 0.3.6)
    activemodel (6.0.4.8)
      activesupport (= 6.0.4.8)
    activemodel-serializers-xml (1.0.2)
      activemodel (> 5.x)
      activesupport (> 5.x)
      builder (~> 3.1)
    activerecord (6.0.4.8)
      activemodel (= 6.0.4.8)
      activesupport (= 6.0.4.8)
    activerecord-postgis-adapter (6.0.3)
      activerecord (~> 6.0.0)
      rgeo-activerecord (~> 6.0)
    activestorage (6.0.4.8)
      actionpack (= 6.0.4.8)
      activejob (= 6.0.4.8)
      activerecord (= 6.0.4.8)
      marcel (~> 1.0.0)
    activesupport (6.0.4.8)
      concurrent-ruby (~> 1.0, >= 1.0.2)
      i18n (>= 0.7, < 2)
      minitest (~> 5.1)
      tzinfo (~> 1.1)
      zeitwerk (~> 2.2, >= 2.2.2)
    addressable (2.8.0)
      public_suffix (>= 2.0.2, < 5.0)
    ast (2.4.2)
    autoprefixer-rails (10.2.4.0)
      execjs
    aws-eventstream (1.2.0)
    aws-partitions (1.616.0)
    aws-sdk-core (3.132.0)
      aws-eventstream (~> 1, >= 1.0.2)
      aws-partitions (~> 1, >= 1.525.0)
      aws-sigv4 (~> 1.1)
      jmespath (~> 1, >= 1.6.1)
    aws-sdk-elasticbeanstalk (1.51.0)
      aws-sdk-core (~> 3, >= 3.127.0)
      aws-sigv4 (~> 1.1)
    aws-sdk-kms (1.33.0)
      aws-sdk-core (~> 3, >= 3.71.0)
      aws-sigv4 (~> 1.1)
    aws-sdk-rails (3.1.0)
      aws-sdk-ses (~> 1)
      railties (>= 5.2.0)
    aws-sdk-s3 (1.64.0)
      aws-sdk-core (~> 3, >= 3.83.0)
      aws-sdk-kms (~> 1)
      aws-sigv4 (~> 1.1)
    aws-sdk-ses (1.28.0)
      aws-sdk-core (~> 3, >= 3.71.0)
      aws-sigv4 (~> 1.1)
    aws-sigv4 (1.5.1)
      aws-eventstream (~> 1, >= 1.0.2)
    bcrypt (3.1.13)
    bootsnap (1.13.0)
      msgpack (~> 1.2)
    bootstrap-kaminari-views (0.0.5)
      kaminari (>= 0.13)
      rails (>= 3.1)
    bootstrap-sass (3.4.1)
      autoprefixer-rails (>= 5.2.1)
      sassc (>= 2.0.0)
    bootstrap3-datetimepicker-rails (4.17.47)
      momentjs-rails (>= 2.8.1)
    builder (3.2.4)
    byebug (11.1.3)
    cancan (1.6.10)
    capybara (3.35.3)
      addressable
      mini_mime (>= 0.1.3)
      nokogiri (~> 1.8)
      rack (>= 1.6.0)
      rack-test (>= 0.6.3)
      regexp_parser (>= 1.5, < 3.0)
      xpath (~> 3.2)
    carrierwave (2.2.2)
      activemodel (>= 5.0.0)
      activesupport (>= 5.0.0)
      addressable (~> 2.6)
      image_processing (~> 1.1)
      marcel (~> 1.0.0)
      mini_mime (>= 0.1.3)
      ssrf_filter (~> 1.0)
    chartkick (3.4.2)
    codeclimate-test-reporter (1.0.9)
      simplecov (<= 0.13)
    coderay (1.1.3)
    coffee-rails (5.0.0)
      coffee-script (>= 2.2.0)
      railties (>= 5.2.0)
    coffee-script (2.4.1)
      coffee-script-source
      execjs
    coffee-script-source (1.12.2)
    concurrent-ruby (1.1.10)
    crack (0.4.5)
      rexml
    crass (1.0.6)
    csv_builder (2.1.2)
      actionpack (>= 3.0.0)
    database_cleaner (1.8.4)
    decent_exposure (3.0.2)
      activesupport (>= 4.0)
    delayed_job (4.1.8)
      activesupport (>= 3.0, < 6.1)
    delayed_job_active_record (4.1.4)
      activerecord (>= 3.0, < 6.1)
      delayed_job (>= 3.0, < 5)
    devise (4.7.1)
      bcrypt (~> 3.0)
      orm_adapter (~> 0.1)
      railties (>= 4.1.0)
      responders
      warden (~> 1.2.3)
    devise-i18n (1.9.1)
      devise (>= 4.7.1)
    devise-token_authenticatable (1.1.0)
      devise (>= 4.0.0, < 5.0.0)
    diff-lcs (1.5.0)
    docile (1.1.5)
    domain_name (0.5.20190701)
      unf (>= 0.0.5, < 1.0.0)
    dotenv (2.7.5)
    dotenv-rails (2.7.5)
      dotenv (= 2.7.5)
      railties (>= 3.2, < 6.1)
    draper (4.0.2)
      actionpack (>= 5.0)
      activemodel (>= 5.0)
      activemodel-serializers-xml (>= 1.0)
      activesupport (>= 5.0)
      request_store (>= 1.0)
      ruby2_keywords
    elastic-apm (4.5.1)
      concurrent-ruby (~> 1.0)
      http (>= 3.0)
    elasticsearch (7.17.1)
      elasticsearch-api (= 7.17.1)
      elasticsearch-transport (= 7.17.1)
    elasticsearch-api (7.17.1)
      multi_json
    elasticsearch-model (7.2.1)
      activesupport (> 3)
      elasticsearch (~> 7)
      hashie
    elasticsearch-transport (7.17.1)
      faraday (~> 1)
      multi_json
    email_spec (2.2.0)
      htmlentities (~> 4.3.3)
      launchy (~> 2.1)
      mail (~> 2.7)
    erubi (1.11.0)
    excon (0.73.0)
    execjs (2.7.0)
    fabrication (2.21.1)
    faraday (1.10.1)
      faraday-em_http (~> 1.0)
      faraday-em_synchrony (~> 1.0)
      faraday-excon (~> 1.1)
      faraday-httpclient (~> 1.0)
      faraday-multipart (~> 1.0)
      faraday-net_http (~> 1.0)
      faraday-net_http_persistent (~> 1.0)
      faraday-patron (~> 1.0)
      faraday-rack (~> 1.0)
      faraday-retry (~> 1.0)
      ruby2_keywords (>= 0.0.4)
    faraday-em_http (1.0.0)
    faraday-em_synchrony (1.0.0)
    faraday-excon (1.1.0)
    faraday-httpclient (1.0.1)
    faraday-multipart (1.0.4)
      multipart-post (~> 2)
    faraday-net_http (1.0.1)
    faraday-net_http_persistent (1.2.0)
    faraday-patron (1.0.0)
    faraday-rack (1.0.0)
    faraday-retry (1.0.3)
    ffi (1.15.5)
    ffi (1.15.5-x64-mingw32)
    ffi (1.15.5-x86-mingw32)
    ffi-compiler (1.0.1)
      ffi (>= 1.0.0)
      rake
    fog-aws (2.0.1)
      fog-core (~> 1.38)
      fog-json (~> 1.0)
      fog-xml (~> 0.1)
      ipaddress (~> 0.8)
    fog-core (1.45.0)
      builder
      excon (~> 0.58)
      formatador (~> 0.2)
    fog-json (1.2.0)
      fog-core
      multi_json (~> 1.10)
    fog-xml (0.1.3)
      fog-core
      nokogiri (>= 1.5.11, < 2.0.0)
    formatador (0.2.5)
    formatted-dates (0.1.0)
    globalid (1.0.0)
      activesupport (>= 5.0)
    groupdate (5.2.2)
      activesupport (>= 5)
    haml (5.2.1)
      temple (>= 0.8.0)
      tilt
    has_scope (0.8.0)
      actionpack (>= 5.2)
      activesupport (>= 5.2)
    hashdiff (1.0.1)
    hashie (5.0.0)
    htmlentities (4.3.4)
    http (5.1.0)
      addressable (~> 2.8)
      http-cookie (~> 1.0)
      http-form_data (~> 2.2)
      llhttp-ffi (~> 0.4.0)
    http-cookie (1.0.5)
      domain_name (~> 0.5)
    http-form_data (2.3.0)
    i18n (1.12.0)
      concurrent-ruby (~> 1.0)
    image_processing (1.12.2)
      mini_magick (>= 4.9.5, < 5)
      ruby-vips (>= 2.0.17, < 3)
    ipaddress (0.8.3)
    jbuilder (2.11.5)
      actionview (>= 5.0.0)
      activesupport (>= 5.0.0)
    jmespath (1.6.1)
    jquery-rails (4.4.0)
      rails-dom-testing (>= 1, < 3)
      railties (>= 4.2.0)
      thor (>= 0.14, < 2.0)
    jquery-ui-rails (6.0.1)
      railties (>= 3.2.16)
    json (2.6.2)
    kaminari (1.2.2)
      activesupport (>= 4.1.0)
      kaminari-actionview (= 1.2.2)
      kaminari-activerecord (= 1.2.2)
      kaminari-core (= 1.2.2)
    kaminari-actionview (1.2.2)
      actionview
      kaminari-core (= 1.2.2)
    kaminari-activerecord (1.2.2)
      activerecord
      kaminari-core (= 1.2.2)
    kaminari-core (1.2.2)
    launchy (2.5.0)
      addressable (~> 2.7)
    listen (3.7.1)
      rb-fsevent (~> 0.10, >= 0.10.3)
      rb-inotify (~> 0.9, >= 0.9.10)
    llhttp-ffi (0.4.0)
      ffi-compiler (~> 1.0)
      rake (~> 13.0)
    loofah (2.18.0)
      crass (~> 1.0.2)
      nokogiri (>= 1.5.9)
    mail (2.7.1)
      mini_mime (>= 0.1.1)
    marcel (1.0.2)
    method_source (1.0.0)
    mime-types (3.4.1)
      mime-types-data (~> 3.2015)
    mime-types-data (3.2022.0105)
    mini_magick (4.11.0)
    mini_mime (1.1.2)
    mini_portile2 (2.8.0)
    minitest (5.16.3)
    momentjs-rails (2.20.1)
      railties (>= 3.1)
    msgpack (1.5.6)
    multi_json (1.15.0)
    multipart-post (2.2.3)
    nested_form (0.3.2)
    newrelic_rpm (8.10.0)
    nio4r (2.5.8)
    nokogiri (1.13.8)
      mini_portile2 (~> 2.8.0)
      racc (~> 1.4)
    nokogiri (1.13.8-x64-mingw32)
      racc (~> 1.4)
    nokogiri (1.13.8-x86-mingw32)
      racc (~> 1.4)
    orm_adapter (0.5.0)
    parallel (1.22.1)
    parser (3.1.2.1)
      ast (~> 2.4.1)
    pg (1.4.3)
    pg (1.4.3-x64-mingw32)
    pg (1.4.3-x86-mingw32)
    pry (0.14.1)
      coderay (~> 1.1)
      method_source (~> 1.0)
    pry-byebug (3.10.1)
      byebug (~> 11.0)
      pry (>= 0.13, < 0.15)
    pry-rails (0.3.9)
      pry (>= 0.10.4)
    public_suffix (4.0.7)
    puma (4.3.12)
      nio4r (~> 2.0)
    racc (1.6.0)
    rack (2.2.4)
    rack-pjax (1.1.0)
      nokogiri (~> 1.5)
      rack (>= 1.1)
    rack-test (2.0.2)
      rack (>= 1.3)
    rails (6.0.4.8)
      actioncable (= 6.0.4.8)
      actionmailbox (= 6.0.4.8)
      actionmailer (= 6.0.4.8)
      actionpack (= 6.0.4.8)
      actiontext (= 6.0.4.8)
      actionview (= 6.0.4.8)
      activejob (= 6.0.4.8)
      activemodel (= 6.0.4.8)
      activerecord (= 6.0.4.8)
      activestorage (= 6.0.4.8)
      activesupport (= 6.0.4.8)
      bundler (>= 1.3.0)
      railties (= 6.0.4.8)
      sprockets-rails (>= 2.0.0)
    rails-controller-testing (1.0.4)
      actionpack (>= 5.0.1.x)
      actionview (>= 5.0.1.x)
      activesupport (>= 5.0.1.x)
    rails-dom-testing (2.0.3)
      activesupport (>= 4.2.0)
      nokogiri (>= 1.6)
    rails-html-sanitizer (1.4.3)
      loofah (~> 2.3)
    rails_admin (2.0.2)
      activemodel-serializers-xml (>= 1.0)
      builder (~> 3.1)
      haml (>= 4.0, < 6)
      jquery-rails (>= 3.0, < 5)
      jquery-ui-rails (>= 5.0, < 7)
      kaminari (>= 0.14, < 2.0)
      nested_form (~> 0.3)
      rack-pjax (>= 0.7)
      rails (>= 5.0, < 7)
      remotipart (~> 1.3)
      sassc-rails (>= 1.3, < 3)
    railties (6.0.4.8)
      actionpack (= 6.0.4.8)
      activesupport (= 6.0.4.8)
      method_source
      rake (>= 0.8.7)
      thor (>= 0.20.3, < 2.0)
    rainbow (3.1.1)
    rake (13.0.6)
    rakismet (1.5.4)
    rb-fsevent (0.11.1)
    rb-inotify (0.10.1)
      ffi (~> 1.0)
    regexp_parser (2.5.0)
    remotipart (1.4.4)
    request_store (1.5.1)
      rack (>= 1.4)
    responders (3.0.0)
      actionpack (>= 5.0)
      railties (>= 5.0)
    rexml (3.2.5)
    rgeo (2.4.0)
    rgeo-activerecord (6.2.2)
      activerecord (>= 5.0)
      rgeo (>= 1.0.0)
    rspec-core (3.11.0)
      rspec-support (~> 3.11.0)
    rspec-expectations (3.11.0)
      diff-lcs (>= 1.2.0, < 2.0)
      rspec-support (~> 3.11.0)
    rspec-its (1.3.0)
      rspec-core (>= 3.0.0)
      rspec-expectations (>= 3.0.0)
    rspec-mocks (3.11.1)
      diff-lcs (>= 1.2.0, < 2.0)
      rspec-support (~> 3.11.0)
    rspec-rails (5.1.2)
      actionpack (>= 5.2)
      activesupport (>= 5.2)
      railties (>= 5.2)
      rspec-core (~> 3.10)
      rspec-expectations (~> 3.10)
      rspec-mocks (~> 3.10)
      rspec-support (~> 3.10)
    rspec-support (3.11.0)
    rspec_junit_formatter (0.4.1)
      rspec-core (>= 2, < 4, != 2.12.0)
    rubocop (1.12.1)
      parallel (~> 1.10)
      parser (>= 3.0.0.0)
      rainbow (>= 2.2.2, < 4.0)
      regexp_parser (>= 1.8, < 3.0)
      rexml
      rubocop-ast (>= 1.2.0, < 2.0)
      ruby-progressbar (~> 1.7)
      unicode-display_width (>= 1.4.0, < 3.0)
    rubocop-ast (1.21.0)
      parser (>= 3.1.1.0)
    rubocop-performance (1.14.3)
      rubocop (>= 1.7.0, < 2.0)
      rubocop-ast (>= 0.4.0)
    rubocop-rails (2.9.1)
      activesupport (>= 4.2.0)
      rack (>= 1.1)
      rubocop (>= 0.90.0, < 2.0)
    rubocop-rspec (2.2.0)
      rubocop (~> 1.0)
      rubocop-ast (>= 1.1.0)
    ruby-progressbar (1.11.0)
    ruby-vips (2.1.4)
      ffi (~> 1.12)
    ruby2_keywords (0.0.5)
    rubyzip (2.3.2)
    sass (3.7.4)
      sass-listen (~> 4.0.0)
    sass-listen (4.0.0)
      rb-fsevent (~> 0.9, >= 0.9.4)
      rb-inotify (~> 0.9, >= 0.9.7)
    sass-rails (5.1.0)
      railties (>= 5.2.0)
      sass (~> 3.1)
      sprockets (>= 2.8, < 4.0)
      sprockets-rails (>= 2.0, < 4.0)
      tilt (>= 1.1, < 3)
    sassc (2.4.0)
      ffi (~> 1.9)
    sassc (2.4.0-x64-mingw32)
      ffi (~> 1.9)
    sassc-rails (2.1.2)
      railties (>= 4.0.0)
      sassc (>= 2.0)
      sprockets (> 3.0)
      sprockets-rails
      tilt
    simple_form (5.0.2)
      actionpack (>= 5.0)
      activemodel (>= 5.0)
    simplecov (0.13.0)
      docile (~> 1.1.0)
      json (>= 1.8, < 3)
      simplecov-html (~> 0.10.0)
    simplecov-html (0.10.2)
    spring (2.1.1)
    spring-commands-rspec (1.0.4)
      spring (>= 0.9.1)
    spring-watcher-listen (2.0.1)
      listen (>= 2.7, < 4.0)
      spring (>= 1.2, < 3.0)
    sprockets (3.7.2)
      concurrent-ruby (~> 1.0)
      rack (> 1, < 3)
    sprockets-rails (3.4.2)
      actionpack (>= 5.2)
      activesupport (>= 5.2)
      sprockets (>= 3.0.0)
    ssrf_filter (1.1.0)
    swagger-blocks (3.0.0)
    temple (0.8.2)
    thor (1.2.1)
    thread_safe (0.3.6)
    tilt (2.0.10)
    tzinfo (1.2.10)
      thread_safe (~> 0.1)
    tzinfo-data (1.2021.5)
      tzinfo (>= 1.0.0)
    uglifier (4.2.0)
      execjs (>= 0.3.0, < 3)
    unf (0.1.4)
      unf_ext
    unf_ext (0.0.8.2)
    unf_ext (0.0.8.2-x64-mingw32)
    unf_ext (0.0.8.2-x86-mingw32)
    unicode-display_width (2.2.0)
    warden (1.2.8)
      rack (>= 2.0.6)
    wdm (0.1.1)
    webmock (3.17.1)
      addressable (>= 2.8.0)
      crack (>= 0.3.2)
      hashdiff (>= 0.4.0, < 2.0.0)
    websocket-driver (0.7.5)
      websocket-extensions (>= 0.1.0)
    websocket-extensions (0.1.5)
    xpath (3.2.0)
      nokogiri (~> 1.8)
    zeitwerk (2.6.0)

PLATFORMS
  ruby
  x64-mingw32
  x86-mingw32

DEPENDENCIES
  activerecord-postgis-adapter (~> 6.0)
  aws-sdk-elasticbeanstalk
  aws-sdk-rails
  aws-sdk-s3
  bootsnap
  bootstrap-kaminari-views
  bootstrap-sass (~> 3.4.1)
  bootstrap3-datetimepicker-rails (~> 4.17.47)
  cancan
  capybara
  carrierwave (~> 2.2.2)
  chartkick
  codeclimate-test-reporter
  coffee-rails
  coffee-script-source
  csv_builder (~> 2.1.1)
  database_cleaner
  decent_exposure
  delayed_job (~> 4.1.3)
  delayed_job_active_record
  devise
  devise-i18n
  devise-token_authenticatable
  dotenv-rails
  draper
  elastic-apm
  elasticsearch-model
  email_spec
  fabrication
  fog-aws (~> 2.0.0)
  formatted-dates
  groupdate
  has_scope (~> 0.8.0)
  jbuilder
  jquery-rails
  json (= 2.6.2)
  kaminari
  listen
  mime-types
  mini_magick
  momentjs-rails (>= 2.9.0)
  newrelic_rpm
  pg
  pry-byebug
  pry-rails
  puma
  rails (~> 6.0.4.8)
  rails-controller-testing
  rails_admin (~> 2.0.0)
  rakismet
  responders
  rspec-its
  rspec-rails
  rspec_junit_formatter
  rubocop
  rubocop-performance
  rubocop-rails
  rubocop-rspec
  rubyzip
  sass-rails (~> 5.0)
  simple_form
  spring
  spring-commands-rspec
  spring-watcher-listen (~> 2.0.0)
  swagger-blocks
  tzinfo-data
  uglifier
  wdm
  webmock

RUBY VERSION
   ruby 2.7.6-p219

BUNDLED WITH
   2.2.29
